GEM
  remote: https://rubygems.org/
  specs:
    colorize (0.8.1)
    json (1.8.3)
    rdoc (4.2.2)
      json (~> 1.4)

PLATFORMS
  ruby

DEPENDENCIES
  colorize (~> 0.8.1)
  rdoc

BUNDLED WITH
   1.13.0.pre.1
